GIT
  remote: git://github.com/chriseppstein/compass.git
  revision: bd204a4f58df50db3f050f38138bfda8725896ab
  branch: master
  specs:
    compass (0.12.alpha.0.bd204a4)
      chunky_png (~> 1.2)
      fssm (>= 0.2.7)
      sass (~> 3.1)

GIT
  remote: git://github.com/rails/rails.git
  revision: 162e13d941640104e2c0d58f4d3cd4778a2fd1a3
  branch: 3-1-stable
  specs:
    actionmailer (3.1.1.rc2)
      actionpack (= 3.1.1.rc2)
      mail (~> 2.3.0)
    actionpack (3.1.1.rc2)
      activemodel (= 3.1.1.rc2)
      activesupport (= 3.1.1.rc2)
      builder (~> 3.0.0)
      erubis (~> 2.7.0)
      i18n (~> 0.6)
      rack (~> 1.3.2)
      rack-cache (~> 1.1)
      rack-mount (~> 0.8.2)
      rack-test (~> 0.6.1)
      sprockets (~> 2.0.2)
    activemodel (3.1.1.rc2)
      activesupport (= 3.1.1.rc2)
      builder (~> 3.0.0)
      i18n (~> 0.6)
    activerecord (3.1.1.rc2)
      activemodel (= 3.1.1.rc2)
      activesupport (= 3.1.1.rc2)
      arel (~> 2.2.1)
      tzinfo (~> 0.3.29)
    activeresource (3.1.1.rc2)
      activemodel (= 3.1.1.rc2)
      activesupport (= 3.1.1.rc2)
    activesupport (3.1.1.rc2)
      multi_json (~> 1.0)
    rails (3.1.1.rc2)
      actionmailer (= 3.1.1.rc2)
      actionpack (= 3.1.1.rc2)
      activerecord (= 3.1.1.rc2)
      activeresource (= 3.1.1.rc2)
      activesupport (= 3.1.1.rc2)
      bundler (~> 1.0)
      railties (= 3.1.1.rc2)
    railties (3.1.1.rc2)
      actionpack (= 3.1.1.rc2)
      activesupport (= 3.1.1.rc2)
      rack-ssl (~> 1.3.2)
      rake (>= 0.8.7)
      rdoc (~> 3.4)
      thor (~> 0.14.6)

GIT
  remote: git://github.com/thedarkone/rails-dev-boost.git
  revision: 216de40f33fe794e19c492c283d69d4911cab741
  specs:
    rails-dev-boost (0.1.1)

PATH
  remote: /home/blahutka/netbeans_projects/my-gems/seed_dump
  specs:
    seed_dump (0.3.4)

GEM
  remote: http://rubygems.org/
  specs:
    activeadmin (0.3.2)
      devise (>= 1.1.2)
      fastercsv
      formtastic (< 2.0.0)
      inherited_resources (< 1.3.0)
      kaminari (>= 0.12.4)
      meta_search (>= 0.9.2)
      rails (>= 3.0.0)
      sass (>= 3.1.0)
    acts-as-taggable-on (2.1.1)
      rails
    addressable (2.2.6)
    arel (2.2.1)
    aws-s3 (0.6.2)
      builder
      mime-types
      xml-simple
    bcrypt-ruby (3.0.1)
    builder (3.0.0)
    cancan (1.6.7)
    capybara (1.1.1)
      mime-types (>= 1.16)
      nokogiri (>= 1.3.3)
      rack (>= 1.0.0)
      rack-test (>= 0.5.4)
      selenium-webdriver (~> 2.0)
      xpath (~> 0.1.4)
    capybara-webkit (0.7.2)
      capybara (>= 1.0.0, < 1.2)
    cells (3.6.7)
      actionpack (~> 3.0)
      railties (~> 3.0)
    childprocess (0.2.2)
      ffi (~> 1.0.6)
    chunky_png (1.2.5)
    cocaine (0.2.0)
    coderay (0.9.8)
    coffee-rails (3.1.1)
      coffee-script (>= 2.2.0)
      railties (~> 3.1.0)
    coffee-script (2.2.0)
      coffee-script-source
      execjs
    coffee-script-source (1.1.2)
    compass-validator (3.0.1)
    daemons (1.1.4)
    database_cleaner (0.6.7)
    devise (1.4.7)
      bcrypt-ruby (~> 3.0)
      orm_adapter (~> 0.0.3)
      warden (~> 1.0.3)
    diff-lcs (1.1.3)
    em-websocket (0.3.1)
      addressable (>= 2.1.1)
      eventmachine (>= 0.12.9)
    erubis (2.7.0)
    eventmachine (0.12.10)
    execjs (1.2.9)
      multi_json (~> 1.0)
    factory_girl (2.1.2)
      activesupport
    factory_girl_rails (1.2.0)
      factory_girl (~> 2.1.0)
      railties (>= 3.0.0)
    fastercsv (1.5.4)
    ffi (1.0.9)
    foreman (0.24.0)
      term-ansicolor (~> 1.0.5)
      thor (>= 0.13.6)
    formtastic (1.2.4)
      actionpack (>= 2.3.7)
      activesupport (>= 2.3.7)
      i18n (~> 0.4)
    friendly_id (4.0.0.beta12)
    fssm (0.2.7)
    geokit (1.6.0)
    guard (0.8.4)
      thor (~> 0.14.6)
    guard-livereload (0.3.1)
      em-websocket (>= 0.2.0)
      guard (>= 0.4.0)
      multi_json (~> 1.0.3)
    guard-rails (0.0.3)
      guard (>= 0.2.2)
    guard-rspec (0.4.5)
      guard (>= 0.4.0)
    guard-spork (0.3.0)
      guard (>= 0.8.2)
      spork (>= 0.8.4)
    haml (3.1.3)
    has_scope (0.5.1)
    hike (1.2.1)
    i18n (0.6.0)
    i18n_routing (0.5.0)
      i18n (> 0.3.5)
    inherited_resources (1.2.2)
      has_scope (~> 0.5.0)
      responders (~> 0.6.0)
    jquery-rails (1.0.14)
      railties (~> 3.0)
      thor (~> 0.14)
    json (1.6.1)
    json_pure (1.6.1)
    kaminari (0.12.4)
      rails (>= 3.0.0)
    launchy (2.0.5)
      addressable (~> 2.2.6)
    less (2.0.7)
      therubyracer (~> 0.9.2)
    less-rails (2.0.1)
      actionpack (~> 3.1.0)
      less (~> 2.0.7)
      railties (~> 3.1.0)
    less-rails-bootstrap (1.3.3)
      less-rails (~> 2.0.0)
    libnotify (0.5.7)
    libv8 (3.3.10.2)
    magic_encoding (0.0.2)
    mail (2.3.0)
      i18n (>= 0.4.0)
      mime-types (~> 1.16)
      treetop (~> 1.4.8)
    meta_search (1.1.1)
      actionpack (~> 3.1.0)
      activerecord (~> 3.1.0)
      activesupport (~> 3.1.0)
      polyamorous (~> 0.5.0)
    method_source (0.6.6)
      ruby_parser (~> 2.0.5)
    mime-types (1.16)
    mini_record (0.2.1)
      activerecord (~> 3.1.0)
    multi_json (1.0.3)
    nokogiri (1.5.0)
    orm_adapter (0.0.5)
    paperclip (2.4.3)
      activerecord (>= 2.3.0)
      activesupport (>= 2.3.2)
      cocaine (>= 0.0.2)
      mime-types
    pg (0.11.0)
    polyamorous (0.5.0)
      activerecord (~> 3.0)
    polyglot (0.3.2)
    pry (0.9.6.2)
      coderay (~> 0.9.8)
      method_source (~> 0.6.5)
      ruby_parser (~> 2.0.5)
      slop (~> 2.1.0)
    rack (1.3.4)
    rack-cache (1.1)
      rack (>= 0.4)
    rack-mount (0.8.3)
      rack (>= 1.0.0)
    rack-protection (1.1.4)
      rack
    rack-ssl (1.3.2)
      rack
    rack-test (0.6.1)
      rack (>= 1.0)
    rails3-generators (0.17.4)
      railties (>= 3.0.0)
    rake (0.9.2)
    rb-inotify (0.8.8)
      ffi (>= 0.5.0)
    rdoc (3.9.4)
    redis (2.2.2)
    redis-namespace (1.0.3)
      redis (< 3.0.0)
    responders (0.6.4)
    resque (1.19.0)
      multi_json (~> 1.0)
      redis-namespace (~> 1.0.2)
      sinatra (>= 0.9.2)
      vegas (~> 0.1.2)
    rspec (2.6.0)
      rspec-core (~> 2.6.0)
      rspec-expectations (~> 2.6.0)
      rspec-mocks (~> 2.6.0)
    rspec-core (2.6.4)
    rspec-expectations (2.6.0)
      diff-lcs (~> 1.1.2)
    rspec-mocks (2.6.0)
    rspec-rails (2.6.1)
      actionpack (~> 3.0)
      activesupport (~> 3.0)
      railties (~> 3.0)
      rspec (~> 2.6.0)
    ruby_parser (2.0.6)
      sexp_processor (~> 3.0)
    rubyzip (0.9.4)
    sass (3.1.8)
    sass-rails (3.1.4)
      actionpack (~> 3.1.0)
      railties (~> 3.1.0)
      sass (>= 3.1.4)
      sprockets (~> 2.0.0)
      tilt (~> 1.3.2)
    sassy_noise (0.1.4)
      chunky_png
      compass
    selenium-webdriver (2.7.0)
      childprocess (>= 0.2.1)
      ffi (>= 1.0.7)
      json_pure
      rubyzip
    sexp_processor (3.0.7)
    shoulda-matchers (1.0.0.beta3)
    simple_state_machine (0.5.3)
    sinatra (1.3.1)
      rack (~> 1.3, >= 1.3.4)
      rack-protection (~> 1.1, >= 1.1.2)
      tilt (~> 1.3, >= 1.3.3)
    slop (2.1.0)
    spork (0.9.0.rc9)
    sprockets (2.0.2)
      hike (~> 1.2)
      rack (~> 1.0)
      tilt (!= 1.3.0, ~> 1.1)
    term-ansicolor (1.0.6)
    therubyracer (0.9.8)
      libv8 (~> 3.3.10)
    thin (1.2.11)
      daemons (>= 1.0.9)
      eventmachine (>= 0.12.6)
      rack (>= 1.0.0)
    thor (0.14.6)
    tilt (1.3.3)
    treetop (1.4.10)
      polyglot
      polyglot (>= 0.3.1)
    tzinfo (0.3.30)
    uglifier (1.0.3)
      execjs (>= 0.3.0)
      multi_json (>= 1.0.2)
    vegas (0.1.8)
      rack (>= 1.0.0)
    warden (1.0.5)
      rack (>= 1.0)
    will_paginate (3.0.2)
    xml-simple (1.1.0)
    xpath (0.1.4)
      nokogiri (~> 1.3)
    yajl-ruby (1.0.0)

PLATFORMS
  ruby

DEPENDENCIES
  activeadmin
  acts-as-taggable-on (~> 2.1.0)
  aws-s3
  cancan
  capybara
  capybara-webkit
  cells
  coffee-rails (~> 3.1.0)
  compass!
  compass-validator
  database_cleaner
  devise
  factory_girl_rails
  foreman
  friendly_id (~> 4.0.0.beta8)
  geokit
  guard
  guard-livereload
  guard-rails
  guard-rspec
  guard-spork
  haml
  i18n_routing
  inherited_resources
  jquery-rails
  json
  launchy
  less-rails-bootstrap (~> 1.3.0)
  libnotify
  magic_encoding
  mini_record
  paperclip (~> 2.4)
  pg
  pry
  rails!
  rails-dev-boost!
  rails3-generators
  rb-inotify
  resque
  rspec-rails
  sass-rails (~> 3.1.0)
  sassy_noise
  seed_dump!
  shoulda-matchers
  simple_state_machine
  spork (> 0.9.0.rc)
  thin
  uglifier
  will_paginate
  yajl-ruby
