GIT
  remote: git://github.com/bseanvt/chosen_rails.git
  revision: 3a8c1712c8f06237e1b33ef3ae9020f150f51a70
  specs:
    chosen_rails (0.1.0)

GIT
  remote: git://github.com/chriseppstein/compass.git
  revision: bd204a4f58df50db3f050f38138bfda8725896ab
  branch: master
  specs:
    compass (0.12.alpha.0.bd204a4)
      chunky_png (~> 1.2)
      fssm (>= 0.2.7)
      sass (~> 3.1)

GIT
  remote: git://github.com/jweslley/nested_form.git
  revision: 74ba19cb7a14907c84e3f50434922c8be5b1ab94
  specs:
    nested_form (0.1.1)

GIT
  remote: git://github.com/pivotal/erector.git
  revision: cb01e061f9ed8970c5f9a5a222c428b853766a9d
  specs:
    erector (0.9.0.pre1)
      treetop (>= 1.2.3)

GIT
  remote: git://github.com/thedarkone/rails-dev-boost.git
  revision: 216de40f33fe794e19c492c283d69d4911cab741
  specs:
    rails-dev-boost (0.1.1)

PATH
  remote: /home/blahutka/netbeans_projects/my-gems/seed_dump
  specs:
    seed_dump (0.3.4)

GEM
  remote: http://rubygems.org/
  specs:
    actionmailer (3.1.3)
      actionpack (= 3.1.3)
      mail (~> 2.3.0)
    actionpack (3.1.3)
      activemodel (= 3.1.3)
      activesupport (= 3.1.3)
      builder (~> 3.0.0)
      erubis (~> 2.7.0)
      i18n (~> 0.6)
      rack (~> 1.3.5)
      rack-cache (~> 1.1)
      rack-mount (~> 0.8.2)
      rack-test (~> 0.6.1)
      sprockets (~> 2.0.3)
    activeadmin (0.3.2)
      devise (>= 1.1.2)
      fastercsv
      formtastic (< 2.0.0)
      inherited_resources (< 1.3.0)
      kaminari (>= 0.12.4)
      meta_search (>= 0.9.2)
      rails (>= 3.0.0)
      sass (>= 3.1.0)
    activemodel (3.1.3)
      activesupport (= 3.1.3)
      builder (~> 3.0.0)
      i18n (~> 0.6)
    activerecord (3.1.3)
      activemodel (= 3.1.3)
      activesupport (= 3.1.3)
      arel (~> 2.2.1)
      tzinfo (~> 0.3.29)
    activeresource (3.1.3)
      activemodel (= 3.1.3)
      activesupport (= 3.1.3)
    activesupport (3.1.3)
      multi_json (~> 1.0)
    acts-as-taggable-on (2.1.1)
      rails
    addressable (2.2.6)
    arel (2.2.1)
    bcrypt-ruby (3.0.1)
    bson (1.4.1)
    bson_ext (1.4.0)
    builder (3.0.0)
    cancan (1.6.7)
    capybara (1.1.1)
      mime-types (>= 1.16)
      nokogiri (>= 1.3.3)
      rack (>= 1.0.0)
      rack-test (>= 0.5.4)
      selenium-webdriver (~> 2.0)
      xpath (~> 0.1.4)
    capybara-webkit (0.7.2)
      capybara (>= 1.0.0, < 1.2)
    carrierwave (0.5.7)
      activesupport (~> 3.0)
    cells (3.6.7)
      actionpack (~> 3.0)
      railties (~> 3.0)
    childprocess (0.2.2)
      ffi (~> 1.0.6)
    chunky_png (1.2.5)
    client_side_validations (3.0.12)
    coderay (0.9.8)
    coffee-rails (3.1.1)
      coffee-script (>= 2.2.0)
      railties (~> 3.1.0)
    coffee-script (2.2.0)
      coffee-script-source
      execjs
    coffee-script-source (1.1.2)
    compass-validator (3.0.1)
    configatron (2.8.3)
      yamler (>= 0.1.0)
    crack (0.3.1)
    cucumber (1.1.2)
      builder (>= 2.1.2)
      diff-lcs (>= 1.1.2)
      gherkin (~> 2.6.2)
      json (>= 1.4.6)
      term-ansicolor (>= 1.0.6)
    cucumber-rails (1.2.0)
      capybara (>= 1.1.1)
      cucumber (>= 1.1.1)
      nokogiri (>= 1.5.0)
    database_cleaner (0.6.7)
    devise (1.4.7)
      bcrypt-ruby (~> 3.0)
      orm_adapter (~> 0.0.3)
      warden (~> 1.0.3)
    diff-lcs (1.1.3)
    em-websocket (0.3.1)
      addressable (>= 2.1.1)
      eventmachine (>= 0.12.9)
    erubis (2.7.0)
    eventmachine (0.12.10)
    excon (0.7.6)
    execjs (1.2.9)
      multi_json (~> 1.0)
    factory_girl (2.1.2)
      activesupport
    factory_girl_rails (1.2.0)
      factory_girl (~> 2.1.0)
      railties (>= 3.0.0)
    faraday (0.6.1)
      addressable (~> 2.2.4)
      multipart-post (~> 1.1.0)
      rack (>= 1.1.0, < 2)
    fastercsv (1.5.4)
    ffi (1.0.9)
    fog (1.0.0)
      builder
      excon (~> 0.7.3)
      formatador (~> 0.2.0)
      mime-types
      multi_json (~> 1.0.3)
      net-scp (~> 1.0.4)
      net-ssh (~> 2.1.4)
      nokogiri (~> 1.5.0)
      ruby-hmac
    foreman (0.24.0)
      term-ansicolor (~> 1.0.5)
      thor (>= 0.13.6)
    formatador (0.2.1)
    formtastic (1.2.4)
      actionpack (>= 2.3.7)
      activesupport (>= 2.3.7)
      i18n (~> 0.4)
    friendly_id (4.0.0.beta12)
    fssm (0.2.7)
    geocoder (1.0.5)
    gherkin (2.6.2)
      json (>= 1.4.6)
    gmaps4rails (1.3.2)
      crack
    guard (0.8.4)
      thor (~> 0.14.6)
    guard-livereload (0.3.1)
      em-websocket (>= 0.2.0)
      guard (>= 0.4.0)
      multi_json (~> 1.0.3)
    guard-rails (0.0.3)
      guard (>= 0.2.2)
    guard-rspec (0.4.5)
      guard (>= 0.4.0)
    guard-spork (0.3.0)
      guard (>= 0.8.2)
      spork (>= 0.8.4)
    has_scope (0.5.1)
    hike (1.2.1)
    i18n (0.6.0)
    i18n_routing (0.5.0)
      i18n (> 0.3.5)
    iconic (1.0.0)
    inherited_resources (1.2.2)
      has_scope (~> 0.5.0)
      responders (~> 0.6.0)
    jquery-rails (1.0.14)
      railties (~> 3.0)
      thor (~> 0.14)
    jquery-ui-themes (0.0.3)
      jquery-rails
      rails (~> 3.1.0)
    json (1.6.2)
    json_pure (1.6.1)
    kaminari (0.12.4)
      rails (>= 3.0.0)
    koala (1.1.0)
      multi_json (~> 1.0)
      multipart-post (~> 1.0)
    launchy (2.0.5)
      addressable (~> 2.2.6)
    less (2.0.7)
      therubyracer (~> 0.9.2)
    less-rails (2.1.0)
      actionpack (~> 3.1.1)
      less (~> 2.0.7)
    less-rails-bootstrap (1.4.1)
      less-rails (~> 2.1.0)
    libnotify (0.5.7)
    libv8 (3.3.10.4)
    magic_encoding (0.0.2)
    mail (2.3.0)
      i18n (>= 0.4.0)
      mime-types (~> 1.16)
      treetop (~> 1.4.8)
    meta_search (1.1.1)
      actionpack (~> 3.1.0)
      activerecord (~> 3.1.0)
      activesupport (~> 3.1.0)
      polyamorous (~> 0.5.0)
    method_source (0.6.6)
      ruby_parser (~> 2.0.5)
    mime-types (1.17.2)
    mini_record (0.2.1)
      activerecord (~> 3.1.0)
    mongo (1.4.1)
      bson (= 1.4.1)
    mongo_mapper (0.9.2)
      activemodel (~> 3.0)
      activesupport (~> 3.0)
      plucky (~> 0.3.8)
    multi_json (1.0.4)
    multipart-post (1.1.3)
    net-scp (1.0.4)
      net-ssh (>= 1.99.1)
    net-ssh (2.1.4)
    nokogiri (1.5.0)
    oauth (0.4.5)
    oauth2 (0.4.1)
      faraday (~> 0.6.1)
      multi_json (>= 0.0.5)
    orm_adapter (0.0.5)
    pg (0.11.0)
    pickle (0.4.10)
      cucumber (>= 0.8)
      rake
    plucky (0.3.8)
      mongo (~> 1.3)
    polyamorous (0.5.0)
      activerecord (~> 3.0)
    polyglot (0.3.3)
    pry (0.9.6.2)
      coderay (~> 0.9.8)
      method_source (~> 0.6.5)
      ruby_parser (~> 2.0.5)
      slop (~> 2.1.0)
    rack (1.3.5)
    rack-cache (1.1)
      rack (>= 0.4)
    rack-mount (0.8.3)
      rack (>= 1.0.0)
    rack-protection (1.1.4)
      rack
    rack-ssl (1.3.2)
      rack
    rack-test (0.6.1)
      rack (>= 1.0)
    rails (3.1.3)
      actionmailer (= 3.1.3)
      actionpack (= 3.1.3)
      activerecord (= 3.1.3)
      activeresource (= 3.1.3)
      activesupport (= 3.1.3)
      bundler (~> 1.0)
      railties (= 3.1.3)
    rails3-generators (0.17.4)
      railties (>= 3.0.0)
    railties (3.1.3)
      actionpack (= 3.1.3)
      activesupport (= 3.1.3)
      rack-ssl (~> 1.3.2)
      rake (>= 0.8.7)
      rdoc (~> 3.4)
      thor (~> 0.14.6)
    rake (0.9.2.2)
    rb-inotify (0.8.8)
      ffi (>= 0.5.0)
    rdoc (3.11)
      json (~> 1.4)
    redis (2.2.2)
    redis-namespace (1.0.3)
      redis (< 3.0.0)
    responders (0.6.4)
    resque (1.19.0)
      multi_json (~> 1.0)
      redis-namespace (~> 1.0.2)
      sinatra (>= 0.9.2)
      vegas (~> 0.1.2)
    rmagick (2.13.1)
    rspec (2.6.0)
      rspec-core (~> 2.6.0)
      rspec-expectations (~> 2.6.0)
      rspec-mocks (~> 2.6.0)
    rspec-core (2.6.4)
    rspec-expectations (2.6.0)
      diff-lcs (~> 1.1.2)
    rspec-mocks (2.6.0)
    rspec-rails (2.6.1)
      actionpack (~> 3.0)
      activesupport (~> 3.0)
      railties (~> 3.0)
      rspec (~> 2.6.0)
    ruby-hmac (0.4.0)
    ruby_parser (2.0.6)
      sexp_processor (~> 3.0)
    rubyzip (0.9.4)
    sass (3.1.8)
    sass-rails (3.1.4)
      actionpack (~> 3.1.0)
      railties (~> 3.1.0)
      sass (>= 3.1.4)
      sprockets (~> 2.0.0)
      tilt (~> 1.3.2)
    sassy_noise (0.1.4)
      chunky_png
      compass
    selenium-webdriver (2.7.0)
      childprocess (>= 0.2.1)
      ffi (>= 1.0.7)
      json_pure
      rubyzip
    sexp_processor (3.0.7)
    shoulda-matchers (1.0.0.beta3)
    simple_state_machine (0.5.3)
    sinatra (1.3.1)
      rack (~> 1.3, >= 1.3.4)
      rack-protection (~> 1.1, >= 1.1.2)
      tilt (~> 1.3, >= 1.3.3)
    slop (2.1.0)
    sorcery (0.7.2)
      bcrypt-ruby (~> 3.0.0)
      mongo_mapper
      oauth (~> 0.4.4)
      oauth (~> 0.4.4)
      oauth2 (~> 0.4.1)
      oauth2 (~> 0.4.1)
    spork (0.9.0.rc9)
    sprockets (2.0.3)
      hike (~> 1.2)
      rack (~> 1.0)
      tilt (~> 1.1, != 1.3.0)
    term-ansicolor (1.0.6)
    therubyracer (0.9.9)
      libv8 (~> 3.3.10)
    thor (0.14.6)
    tilt (1.3.3)
    treetop (1.4.10)
      polyglot
      polyglot (>= 0.3.1)
    tzinfo (0.3.31)
    uglifier (1.0.3)
      execjs (>= 0.3.0)
      multi_json (>= 1.0.2)
    vanity-rails3 (1.7.4)
      rails (~> 3.1.0)
      redis (~> 2.0)
      redis-namespace (~> 1.0.0)
    vegas (0.1.8)
      rack (>= 1.0.0)
    warden (1.0.5)
      rack (>= 1.0)
    will_paginate (3.0.2)
    xpath (0.1.4)
      nokogiri (~> 1.3)
    yajl-ruby (1.0.0)
    yamler (0.1.0)

PLATFORMS
  ruby

DEPENDENCIES
  activeadmin
  acts-as-taggable-on (~> 2.1.0)
  bson_ext
  cancan
  capybara
  capybara-webkit
  carrierwave
  cells
  chosen_rails!
  client_side_validations (~> 3.0.0)
  coffee-rails (~> 3.1.0)
  compass!
  compass-validator
  configatron
  cucumber-rails
  database_cleaner
  erector!
  factory_girl
  factory_girl_rails
  fog
  foreman
  friendly_id (~> 4.0.0.beta8)
  geocoder
  gmaps4rails
  guard
  guard-livereload
  guard-rails
  guard-rspec
  guard-spork
  i18n_routing
  iconic
  inherited_resources
  jquery-rails
  jquery-ui-themes
  json
  koala
  launchy
  less-rails-bootstrap (~> 1.4.0)
  libnotify
  magic_encoding
  mini_record
  nested_form!
  pg
  pickle
  pry
  rails
  rails-dev-boost!
  rails3-generators
  rb-inotify
  resque
  rmagick
  rspec-rails
  sass-rails (~> 3.1.0)
  sassy_noise
  seed_dump!
  shoulda-matchers
  simple_state_machine
  sorcery
  spork (> 0.9.0.rc)
  uglifier
  vanity-rails3 (~> 1.7.4)
  will_paginate
  yajl-ruby
